GIT
  remote: https://github.com/valerijaspasojevic/jekyll-compress-images.git
  revision: 15685b4c8b5e15a7e857e9f6e9b6af67edd6f773
  ref: 15685b4c8b5e15a7e857e9f6e9b6af67edd6f773
  specs:
    jekyll-compress-images (1.2)
      image_optim
      image_optim_pack

GEM
  remote: https://rubygems.org/
  specs:
    addressable (2.7.0)
      public_suffix (>= 2.0.2, < 5.0)
    brotli (0.2.3)
    colorator (1.1.0)
    concurrent-ruby (1.1.6)
    em-websocket (0.5.1)
      eventmachine (>= 0.12.9)
      http_parser.rb (~> 0.6.0)
    eventmachine (1.2.7)
    exifr (1.3.6)
    ffi (1.12.2)
    forwardable-extended (2.6.0)
    fspath (3.1.2)
    http_parser.rb (0.6.0)
    i18n (1.8.2)
      concurrent-ruby (~> 1.0)
    image_optim (0.26.5)
      exifr (~> 1.2, >= 1.2.2)
      fspath (~> 3.0)
      image_size (>= 1.5, < 3)
      in_threads (~> 1.3)
      progress (~> 3.0, >= 3.0.1)
    image_optim_pack (0.6.0.20200215)
      fspath (>= 2.1, < 4)
      image_optim (~> 0.19)
    image_size (2.0.2)
    in_threads (1.5.4)
    jekyll (4.1.0)
      addressable (~> 2.4)
      colorator (~> 1.0)
      em-websocket (~> 0.5)
      i18n (~> 1.0)
      jekyll-sass-converter (~> 2.0)
      jekyll-watch (~> 2.0)
      kramdown (~> 2.1)
      kramdown-parser-gfm (~> 1.0)
      liquid (~> 4.0)
      mercenary (~> 0.4.0)
      pathutil (~> 0.9)
      rouge (~> 3.0)
      safe_yaml (~> 1.0)
      terminal-table (~> 1.8)
    jekyll-brotli (2.2.1)
      brotli (~> 0.2.0)
      jekyll (>= 3.0, < 5.0)
    jekyll-category-pages (1.1.1)
      jekyll (~> 4.0)
      jekyll-paginate (~> 1.1, >= 1.0.0)
    jekyll-feed (0.13.0)
      jekyll (>= 3.7, < 5.0)
    jekyll-paginate (1.1.0)
    jekyll-postcss (0.4.0)
    jekyll-purgecss (0.3.0)
    jekyll-sass-converter (2.1.0)
      sassc (> 2.0.1, < 3.0)
    jekyll-sitemap (1.4.0)
      jekyll (>= 3.7, < 5.0)
    jekyll-watch (2.2.1)
      listen (~> 3.0)
    jekyll-zopfli (2.4.1)
      jekyll (>= 3.0, < 5.0)
      zopfli (~> 0.0.7)
    kramdown (2.3.1)
      rexml
    kramdown-parser-gfm (1.1.0)
      kramdown (~> 2.0)
    liquid (4.0.3)
    listen (3.2.1)
      rb-fsevent (~> 0.10, >= 0.10.3)
      rb-inotify (~> 0.9, >= 0.9.10)
    mercenary (0.4.0)
    pathutil (0.16.2)
      forwardable-extended (~> 2.6)
    progress (3.5.2)
    public_suffix (4.0.5)
    rb-fsevent (0.10.4)
    rb-inotify (0.10.1)
      ffi (~> 1.0)
    rexml (3.2.4)
    rouge (3.19.0)
    safe_yaml (1.0.5)
    sassc (2.3.0)
      ffi (~> 1.9)
    terminal-table (1.8.0)
      unicode-display_width (~> 1.1, >= 1.1.1)
    unicode-display_width (1.7.0)
    zopfli (0.0.7)

PLATFORMS
  ruby

DEPENDENCIES
  jekyll (= 4.1.0)
  jekyll-brotli (= 2.2.1)
  jekyll-category-pages (= 1.1.1)
  jekyll-compress-images!
  jekyll-feed (= 0.13.0)
  jekyll-paginate (= 1.1.0)
  jekyll-postcss (= 0.4.0)
  jekyll-purgecss (= 0.3.0)
  jekyll-sitemap (= 1.4.0)
  jekyll-zopfli (= 2.4.1)

RUBY VERSION
   ruby 2.7.1p83

BUNDLED WITH
   2.1.4
